GEM
  remote: https://rubygems.org/
  specs:
    cd (1.0.2)
    clipboard (2.0.0)
    code (0.9.4)
      coderay (~> 1.1)
      method_source (>= 0.9, < 2.0)
    coderay (1.1.3)
    core_docs (0.9.10)
      yard (~> 0.9.11)
    debugging (2.1.0)
      paint (>= 0.9, < 3.0)
    every_day_irb (2.2.0)
      cd (~> 1.0)
    fancy_irb (2.1.2)
      irb (>= 1.7, < 2.0)
      paint (>= 0.9, < 3.0)
      unicode-display_width (>= 2.5)
    ffi (1.16.3)
    hirb (0.7.3)
    interactive_editor (0.0.12)
      spoon (~> 0.0.6)
    io-console (0.7.2)
    irb (1.12.0)
      rdoc
      reline (>= 0.4.2)
    irbtools (4.0.7)
      clipboard (>= 1.4, < 3.0)
      code (>= 0.9.4, < 2.0)
      coderay (~> 1.1)
      core_docs (~> 0.9.9)
      debugging (~> 2.1)
      every_day_irb (~> 2.2)
      fancy_irb (~> 2.1)
      hirb (~> 0.7, >= 0.7.3)
      interactive_editor (~> 0.0, >= 0.0.12)
      irb (~> 1.8)
      looksee (~> 5.0)
      methodfinder (~> 2.2, >= 2.2.5)
      object_shadow (~> 1.1)
      os (~> 1.1, >= 1.1.4)
      paint (>= 0.9, < 3.0)
      ruby_engine (~> 2.0)
      ruby_version (~> 1.0)
      wirb (~> 2.0, >= 2.2.1)
    looksee (5.0.0)
    method_source (1.0.0)
    methodfinder (2.2.5)
    object_shadow (1.1.1)
    os (1.1.4)
    paint (2.3.0)
    psych (5.1.2)
      stringio
    rdoc (6.6.3.1)
      psych (>= 4.0.0)
    reline (0.5.1)
      io-console (~> 0.5)
    ruby_engine (2.0.1)
    ruby_version (1.0.3)
    spoon (0.0.6)
      ffi
    stringio (3.1.0)
    unicode-display_width (2.5.0)
    wirb (2.2.2)
      paint (>= 0.9, < 3.0)
    yard (0.9.36)

PLATFORMS
  ruby
  x86_64-linux

DEPENDENCIES
  irbtools (~> 4.0)

BUNDLED WITH
   2.5.3
